GEM
  remote: https://rubygems.org/
  specs:
    CFPropertyList (3.0.5)
      rexml
    activesupport (7.0.4)
      concurrent-ruby (~> 1.0, >= 1.0.2)
      i18n (>= 1.6, < 2)
      minitest (>= 5.1)
      tzinfo (~> 2.0)
    atomos (0.1.3)
    claide (1.1.0)
    clamp (1.3.2)
    colored2 (3.1.2)
    concurrent-ruby (1.1.10)
    i18n (1.12.0)
      concurrent-ruby (~> 1.0)
    minitest (5.16.3)
    nanaimo (0.3.0)
    nokogiri (1.13.9-arm64-darwin)
      racc (~> 1.4)
    nokogiri (1.13.9-x86_64-darwin)
      racc (~> 1.4)
    racc (1.6.0)
    rexml (3.2.5)
    slather (2.7.3)
      CFPropertyList (>= 2.2, < 4)
      activesupport
      clamp (~> 1.3)
      nokogiri (>= 1.13.9)
      xcodeproj (~> 1.21)
    tzinfo (2.0.5)
      concurrent-ruby (~> 1.0)
    xcodeproj (1.22.0)
      CFPropertyList (>= 2.3.3, < 4.0)
      atomos (~> 0.1.3)
      claide (>= 1.0.2, < 2.0)
      colored2 (~> 3.1)
      nanaimo (~> 0.3.0)
      rexml (~> 3.2.4)

PLATFORMS
  arm64-darwin-22
  x86_64-darwin-19

DEPENDENCIES
  slather (= 2.7.3)

RUBY VERSION
   ruby 3.1.3p185

BUNDLED WITH
   2.3.26
